GEM
  remote: https://rubygems.org/
  specs:
    concurrent-ruby (1.1.6)
    faker (2.10.2)
      i18n (>= 1.6, < 2)
    i18n (1.8.2)
      concurrent-ruby (~> 1.0)
    rake (13.0.1)

PLATFORMS
  ruby

DEPENDENCIES
  faker
  rake

BUNDLED WITH
   2.1.2
